GEM
  remote: https://rubygems.org/
  specs:
    coderay (1.1.1)
    gruff (0.7.0)
      rmagick (~> 2.13, >= 2.13.4)
    method_source (0.8.2)
    pry (0.10.4)
      coderay (~> 1.1.0)
      method_source (~> 0.8.1)
      slop (~> 3.4)
    rmagick (2.16.0)
    slop (3.6.0)

PLATFORMS
  ruby

DEPENDENCIES
  gruff
  pry

RUBY VERSION
   ruby 2.3.2p217

BUNDLED WITH
   1.13.6
